GEM
  remote: https://rubygems.org/
  specs:
    apnotic (1.6.1)
      connection_pool (~> 2)
      net-http2 (>= 0.18.3, < 2)
    connection_pool (2.2.3)
    dotenv (2.7.6)
    http-2 (0.10.2)
    mustermann (1.1.1)
      ruby2_keywords (~> 0.0.1)
    net-http2 (0.18.3)
      http-2 (~> 0.10.1)
    nio4r (2.5.4)
    puma (5.0.2)
      nio4r (~> 2.0)
    rack (2.2.3)
    rack-protection (2.1.0)
      rack
    ruby2_keywords (0.0.2)
    sinatra (2.1.0)
      mustermann (~> 1.0)
      rack (~> 2.2)
      rack-protection (= 2.1.0)
      tilt (~> 2.0)
    tilt (2.0.10)

PLATFORMS
  ruby

DEPENDENCIES
  apnotic (~> 1.6.1)
  dotenv (~> 2.7.6)
  puma (~> 5.0.2)
  sinatra (~> 2.1.0)

RUBY VERSION
   ruby 2.7.2p137

BUNDLED WITH
   2.1.4
