GEM
  remote: https://rubygems.org/
  specs:
    apnotic (1.7.0)
      connection_pool (~> 2)
      net-http2 (>= 0.18.3, < 2)
    ast (2.4.2)
    connection_pool (2.3.0)
    dotenv (2.7.6)
    http-2 (0.11.0)
    mustermann (2.0.2)
      ruby2_keywords (~> 0.0.1)
    net-http2 (0.18.4)
      http-2 (~> 0.11)
    nio4r (2.5.8)
    parallel (1.22.1)
    parser (3.1.2.1)
      ast (~> 2.4.1)
    puma (5.6.5)
      nio4r (~> 2.0)
    rack (2.2.4)
    rack-protection (2.2.2)
      rack
    rainbow (3.1.1)
    regexp_parser (2.6.0)
    rexml (3.2.5)
    rubocop (1.26.1)
      parallel (~> 1.10)
      parser (>= 3.1.0.0)
      rainbow (>= 2.2.2, < 4.0)
      regexp_parser (>= 1.8, < 3.0)
      rexml
      rubocop-ast (>= 1.16.0, < 2.0)
      ruby-progressbar (~> 1.7)
      unicode-display_width (>= 1.4.0, < 3.0)
    rubocop-ast (1.23.0)
      parser (>= 3.1.1.0)
    ruby-progressbar (1.11.0)
    ruby2_keywords (0.0.5)
    sinatra (2.2.2)
      mustermann (~> 2.0)
      rack (~> 2.2)
      rack-protection (= 2.2.2)
      tilt (~> 2.0)
    tilt (2.0.11)
    unicode-display_width (2.3.0)

PLATFORMS
  ruby

DEPENDENCIES
  apnotic (~> 1.7.0)
  dotenv (~> 2.7.6)
  puma (~> 5.6.4)
  rubocop (~> 1.26.1)
  sinatra (~> 2.2.0)

RUBY VERSION
   ruby 3.1.1p18

BUNDLED WITH
   2.3.10
